PATH
  remote: handlers/lita-ikemen
  specs:
    lita-ikemen (0.1.0)
      lita (>= 4.7)

PATH
  remote: handlers/lita-lanch
  specs:
    lita-lanch (0.1.0)
      lita (>= 4.7)

PATH
  remote: handlers/lita-suddenly
  specs:
    lita-suddenly (0.1.0)
      lita (>= 4.7)

PATH
  remote: handlers/lita-tenki
  specs:
    lita-tenki (0.1.0)
      lita (>= 4.7)

GEM
  remote: https://rubygems.org/
  specs:
    activesupport (4.2.6)
      i18n (~> 0.7)
      json (~> 1.7, >= 1.7.7)
      minitest (~> 5.1)
      thread_safe (~> 0.3, >= 0.3.4)
      tzinfo (~> 1.1)
    eventmachine (1.2.0.1)
    faraday (0.9.2)
      multipart-post (>= 1.2, < 3)
    faye-websocket (0.10.2)
      eventmachine (>= 0.12.0)
      websocket-driver (>= 0.5.1)
    http_router (0.11.2)
      rack (>= 1.0.0)
      url_mount (~> 0.2.1)
    i18n (0.7.0)
    ice_nine (0.11.2)
    io-console (0.4.6)
    json (1.8.3)
    lita (4.7.0)
      bundler (>= 1.3)
      faraday (>= 0.8.7)
      http_router (>= 0.11.2)
      i18n (>= 0.6.9)
      ice_nine (>= 0.11.0)
      multi_json (>= 1.7.7)
      puma (>= 2.7.1)
      rack (>= 1.5.2)
      rb-readline (>= 0.5.1)
      redis-namespace (>= 1.3.0)
      thor (>= 0.18.1)
    lita-dig (1.3.0)
      lita (>= 4.2)
      net-dns2
    lita-google-images (3.1.0)
      lita (>= 4.0)
    lita-slack (1.7.2)
      eventmachine
      faraday
      faye-websocket (>= 0.8.0)
      lita (>= 4.6.0)
      multi_json
    lita-whois (1.1.0)
      lita (~> 4.2)
      whois
    minitest (5.9.0)
    multi_json (1.12.1)
    multipart-post (2.0.0)
    net-dns2 (0.8.7)
      packetfu
    network_interface (0.0.1)
    packetfu (1.1.11)
      network_interface (~> 0.0)
      pcaprub (~> 0.12)
    pcaprub (0.12.4)
    pebbles-suddenly_death_string (0.0.4)
    puma (3.5.2)
    rack (1.6.4)
    rb-readline (0.5.3)
    redis (3.3.1)
    redis-namespace (1.5.2)
      redis (~> 3.0, >= 3.0.4)
    thor (0.19.1)
    thread_safe (0.3.5)
    tzinfo (1.2.2)
      thread_safe (~> 0.1)
    url_mount (0.2.1)
      rack
    websocket-driver (0.6.4)
      websocket-extensions (>= 0.1.0)
    websocket-extensions (0.1.2)
    whois (3.6.5)
      activesupport (>= 3)

PLATFORMS
  ruby

DEPENDENCIES
  io-console
  json
  lita
  lita-dig
  lita-google-images
  lita-ikemen!
  lita-lanch!
  lita-slack
  lita-suddenly!
  lita-tenki!
  lita-whois
  pebbles-suddenly_death_string

BUNDLED WITH
   1.12.5
